GEM
  remote: http://rubygems.org/
  specs:
    addressable (2.2.6)
    columnize (0.3.2)
    diff-lcs (1.1.3)
    gem-this (0.3.7)
    json (1.6.1)
    linecache (0.43)
    rdoc (3.9.4)
    rspec (2.6.0)
      rspec-core (~> 2.6.0)
      rspec-expectations (~> 2.6.0)
      rspec-mocks (~> 2.6.0)
    rspec-core (2.6.4)
    rspec-expectations (2.6.0)
      diff-lcs (~> 1.1.2)
    rspec-mocks (2.6.0)
    ruby-debug (0.10.4)
      columnize (>= 0.1)
      ruby-debug-base (~> 0.10.4.0)
    ruby-debug-base (0.10.4)
      linecache (>= 0.3)

PLATFORMS
  ruby

DEPENDENCIES
  addressable
  gem-this
  json
  rdoc
  rspec
  ruby-debug
