GEM
  remote: http://rubygems.org/
  specs:
    diff-lcs (1.1.3)
    gem-this (0.3.7)
    json (1.6.1)
    rspec (2.6.0)
      rspec-core (~> 2.6.0)
      rspec-expectations (~> 2.6.0)
      rspec-mocks (~> 2.6.0)
    rspec-core (2.6.4)
    rspec-expectations (2.6.0)
      diff-lcs (~> 1.1.2)
    rspec-mocks (2.6.0)

PLATFORMS
  ruby

DEPENDENCIES
  gem-this
  json
  rspec
